GEM
  remote: https://rubygems.org/
  specs:
    airbrussh (1.2.0)
      sshkit (>= 1.6.1, != 1.7.0)
    capistrano (3.8.0)
      airbrussh (>= 1.0.0)
      i18n
      rake (>= 10.0.0)
      sshkit (>= 1.9.0)
    capistrano-bundler (1.2.0)
      capistrano (~> 3.1)
      sshkit (~> 1.2)
    capistrano-rbenv (2.1.1)
      capistrano (~> 3.1)
      sshkit (~> 1.3)
    dotenv (2.2.1)
    i18n (0.8.1)
    net-scp (1.2.1)
      net-ssh (>= 2.6.5)
    net-ssh (4.1.0)
    pg (0.20.0)
    puma (3.8.2)
    rack (1.6.5)
    rack-protection (1.5.3)
      rack
    rake (12.0.0)
    sequel (4.46.0)
    sinatra (1.4.8)
      rack (~> 1.5)
      rack-protection (~> 1.4)
      tilt (>= 1.3, < 3)
    sshkit (1.13.1)
      net-scp (>= 1.1.2)
      net-ssh (>= 2.8.0)
    tilt (2.0.7)

PLATFORMS
  ruby

DEPENDENCIES
  capistrano
  capistrano-bundler
  capistrano-rbenv
  dotenv
  pg
  puma
  rake
  sequel
  sinatra

BUNDLED WITH
   1.14.6
